GEM
  remote: https://rubygems.org/
  specs:
    diff-lcs (1.2.5)
    fuubar (1.3.2)
      rspec (>= 2.14.0, < 3.1.0)
      ruby-progressbar (~> 1.3)
    rspec (2.14.1)
      rspec-core (~> 2.14.0)
      rspec-expectations (~> 2.14.0)
      rspec-mocks (~> 2.14.0)
    rspec-core (2.14.7)
    rspec-expectations (2.14.4)
      diff-lcs (>= 1.1.3, < 2.0)
    rspec-mocks (2.14.4)
    ruby-progressbar (1.4.0)
    test_construct (2.0.0)

PLATFORMS
  java
  ruby

DEPENDENCIES
  fuubar
  rspec
  test_construct

BUNDLED WITH
   1.10.6
